GEM
  remote: http://rubygems.org/
  specs:
    haml (3.0.25)
    rack (1.2.2)
    sinatra (1.2.1)
      rack (~> 1.1)
      tilt (>= 1.2.2, < 2.0)
    slim (0.9.2)
      temple (~> 0.2.0)
      tilt (~> 1.2)
    temple (0.2.0)
    tilt (1.2.2)

PLATFORMS
  ruby

DEPENDENCIES
  haml
  sinatra
  slim
